PATH
  remote: .
  specs:
    refocus (0.1.6)
      clamp (~> 1.1)
      excon (~> 0.60)

GEM
  remote: https://rubygems.org/
  specs:
    clamp (1.2.1)
    coderay (1.1.2)
    diff-lcs (1.3)
    excon (0.60.0)
    method_source (0.9.0)
    pry (0.11.3)
      coderay (~> 1.1.0)
      method_source (~> 0.9.0)
    rake (10.5.0)
    rspec (3.7.0)
      rspec-core (~> 3.7.0)
      rspec-expectations (~> 3.7.0)
      rspec-mocks (~> 3.7.0)
    rspec-core (3.7.1)
      rspec-support (~> 3.7.0)
    rspec-expectations (3.7.0)
      diff-lcs (>= 1.2.0, < 2.0)
      rspec-support (~> 3.7.0)
    rspec-mocks (3.7.0)
      diff-lcs (>= 1.2.0, < 2.0)
      rspec-support (~> 3.7.0)
    rspec-support (3.7.0)

PLATFORMS
  ruby

DEPENDENCIES
  bundler (~> 1.16)
  pry (~> 0.11)
  rake (~> 10.0)
  refocus!
  rspec (~> 3.0)

BUNDLED WITH
   1.16.1
